GEM
  remote: https://rubygems.org/
  specs:
    hoe (3.16.0)
      rake (>= 0.8, < 13.0)
    minitest (5.10.2)
    rake (12.0.0)
    rake-compiler (1.0.4)
      rake
    rdoc (4.3.0)

PLATFORMS
  ruby

DEPENDENCIES
  hoe (~> 3.16)
  minitest (~> 5.10)
  rake-compiler (~> 1.0)
  rdoc (~> 4.0)

BUNDLED WITH
   1.15.1
